GIT
  remote: git://github.com/eddiezane/sendgrid-actionmailer.git
  revision: 8f61adfe881dabe2a7d5ee5faff189cf5e3a916c
  specs:
    sendgrid-actionmailer (2.0.0)
      mail (~> 2.5)
      sendgrid-ruby (~> 5.0)

GEM
  remote: https://rubygems.org/
  specs:
    actioncable (5.0.6)
      actionpack (= 5.0.6)
      nio4r (>= 1.2, < 3.0)
      websocket-driver (~> 0.6.1)
    actionmailer (5.0.6)
      actionpack (= 5.0.6)
      actionview (= 5.0.6)
      activejob (= 5.0.6)
      mail (~> 2.5, >= 2.5.4)
      rails-dom-testing (~> 2.0)
    actionpack (5.0.6)
      actionview (= 5.0.6)
      activesupport (= 5.0.6)
      rack (~> 2.0)
      rack-test (~> 0.6.3)
      rails-dom-testing (~> 2.0)
      rails-html-sanitizer (~> 1.0, >= 1.0.2)
    actionview (5.0.6)
      activesupport (= 5.0.6)
      builder (~> 3.1)
      erubis (~> 2.7.0)
      rails-dom-testing (~> 2.0)
      rails-html-sanitizer (~> 1.0, >= 1.0.3)
    active_model_serializers (0.10.7)
      actionpack (>= 4.1, < 6)
      activemodel (>= 4.1, < 6)
      case_transform (>= 0.2)
      jsonapi-renderer (>= 0.1.1.beta1, < 0.3)
    activejob (5.0.6)
      activesupport (= 5.0.6)
      globalid (>= 0.3.6)
    activemodel (5.0.6)
      activesupport (= 5.0.6)
    activerecord (5.0.6)
      activemodel (= 5.0.6)
      activesupport (= 5.0.6)
      arel (~> 7.0)
    activesupport (5.0.6)
      concurrent-ruby (~> 1.0, >= 1.0.2)
      i18n (~> 0.7)
      minitest (~> 5.1)
      tzinfo (~> 1.1)
    addressable (2.5.2)
      public_suffix (>= 2.0.2, < 4.0)
    area (0.10.0)
      fastercsv (~> 1.5)
    arel (7.1.4)
    awesome_print (1.8.0)
    bcrypt (3.1.11)
    binding_of_caller (0.8.0)
      debug_inspector (>= 0.0.1)
    builder (3.2.3)
    byebug (9.1.0)
    case_transform (0.2)
      activesupport
    childprocess (0.8.0)
      ffi (~> 1.0, >= 1.0.11)
    coderay (1.1.2)
    coffee-rails (4.1.1)
      coffee-script (>= 2.2.0)
      railties (>= 4.0.0, < 5.1.x)
    coffee-script (2.4.1)
      coffee-script-source
      execjs
    coffee-script-source (1.12.2)
    concurrent-ruby (1.1.4)
    crass (1.0.4)
    debug_inspector (0.0.3)
    diff-lcs (1.3)
    dotenv (2.2.1)
    dotenv-rails (2.2.1)
      dotenv (= 2.2.1)
      railties (>= 3.2, < 5.2)
    erubis (2.7.0)
    execjs (2.7.0)
    factory_bot (4.8.2)
      activesupport (>= 3.0.0)
    factory_bot_rails (4.8.2)
      factory_bot (~> 4.8.2)
      railties (>= 3.0.0)
    faraday (0.15.2)
      multipart-post (>= 1.2, < 3)
    fastercsv (1.5.5)
    ffi (1.9.25)
    foreman (0.84.0)
      thor (~> 0.19.1)
    globalid (0.4.1)
      activesupport (>= 4.2.0)
    haml (4.0.7)
      tilt
    haml-rails (0.9.0)
      actionpack (>= 4.0.1)
      activesupport (>= 4.0.1)
      haml (>= 4.0.6, < 5.0)
      html2haml (>= 1.0.1)
      railties (>= 4.0.1)
    html2haml (2.2.0)
      erubis (~> 2.7.0)
      haml (>= 4.0, < 6)
      nokogiri (>= 1.6.0)
      ruby_parser (~> 3.5)
    httparty (0.15.6)
      multi_xml (>= 0.5.2)
    i18n (0.9.5)
      concurrent-ruby (~> 1.0)
    jquery-rails (4.3.1)
      rails-dom-testing (>= 1, < 3)
      railties (>= 4.2.0)
      thor (>= 0.14, < 2.0)
    json (1.8.6)
    jsonapi-renderer (0.2.0)
    jwt (2.1.0)
    loofah (2.2.3)
      crass (~> 1.0.2)
      nokogiri (>= 1.5.9)
    mail (2.7.0)
      mini_mime (>= 0.1.1)
    method_source (0.9.0)
    mini_mime (1.0.0)
    mini_portile2 (2.3.0)
    minitest (5.11.3)
    multi_xml (0.6.0)
    multipart-post (2.0.0)
    mustermann (1.0.2)
    nio4r (2.2.0)
    nokogiri (1.8.5)
      mini_portile2 (~> 2.3.0)
    pg (0.21.0)
    pry (0.11.3)
      coderay (~> 1.1.0)
      method_source (~> 0.9.0)
    pry-byebug (3.5.1)
      byebug (~> 9.1)
      pry (~> 0.10)
    public_suffix (3.0.2)
    puma (3.11.2)
    rack (2.0.6)
    rack-protection (2.0.3)
      rack
    rack-test (0.6.3)
      rack (>= 1.0)
    rails (5.0.6)
      actioncable (= 5.0.6)
      actionmailer (= 5.0.6)
      actionpack (= 5.0.6)
      actionview (= 5.0.6)
      activejob (= 5.0.6)
      activemodel (= 5.0.6)
      activerecord (= 5.0.6)
      activesupport (= 5.0.6)
      bundler (>= 1.3.0)
      railties (= 5.0.6)
      sprockets-rails (>= 2.0.0)
    rails-dom-testing (2.0.3)
      activesupport (>= 4.2.0)
      nokogiri (>= 1.6)
    rails-html-sanitizer (1.0.4)
      loofah (~> 2.2, >= 2.2.2)
    rails_12factor (0.0.3)
      rails_serve_static_assets
      rails_stdout_logging
    rails_serve_static_assets (0.0.5)
    rails_stdout_logging (0.0.5)
    railties (5.0.6)
      actionpack (= 5.0.6)
      activesupport (= 5.0.6)
      method_source
      rake (>= 0.8.7)
      thor (>= 0.18.1, < 2.0)
    rake (12.3.0)
    rb-fsevent (0.10.2)
    rb-inotify (0.9.10)
      ffi (>= 0.5.0, < 2)
    rdoc (4.3.0)
    rspec-core (3.7.1)
      rspec-support (~> 3.7.0)
    rspec-expectations (3.7.0)
      diff-lcs (>= 1.2.0, < 2.0)
      rspec-support (~> 3.7.0)
    rspec-mocks (3.7.0)
      diff-lcs (>= 1.2.0, < 2.0)
      rspec-support (~> 3.7.0)
    rspec-rails (3.7.2)
      actionpack (>= 3.0)
      activesupport (>= 3.0)
      railties (>= 3.0)
      rspec-core (~> 3.7.0)
      rspec-expectations (~> 3.7.0)
      rspec-mocks (~> 3.7.0)
      rspec-support (~> 3.7.0)
    rspec-support (3.7.0)
    ruby_http_client (3.3.0)
    ruby_parser (3.10.1)
      sexp_processor (~> 4.9)
    rubyzip (1.2.2)
    sass (3.5.5)
      sass-listen (~> 4.0.0)
    sass-listen (4.0.0)
      rb-fsevent (~> 0.9, >= 0.9.4)
      rb-inotify (~> 0.9, >= 0.9.7)
    sass-rails (5.0.7)
      railties (>= 4.0.0, < 6)
      sass (~> 3.1)
      sprockets (>= 2.8, < 4.0)
      sprockets-rails (>= 2.0, < 4.0)
      tilt (>= 1.1, < 3)
    sdoc (0.4.2)
      json (~> 1.7, >= 1.7.7)
      rdoc (~> 4.0)
    selenium-webdriver (3.8.0)
      childprocess (~> 0.5)
      rubyzip (~> 1.0)
    sendgrid-ruby (5.2.0)
      ruby_http_client (~> 3.2)
      sinatra (>= 1.4.7, < 3)
    sexp_processor (4.10.0)
    simple_form (3.5.0)
      actionpack (> 4, < 5.2)
      activemodel (> 4, < 5.2)
    sinatra (2.0.3)
      mustermann (~> 1.0)
      rack (~> 2.0)
      rack-protection (= 2.0.3)
      tilt (~> 2.0)
    spring (2.0.2)
      activesupport (>= 4.2)
    sprockets (3.7.2)
      concurrent-ruby (~> 1.0)
      rack (> 1, < 3)
    sprockets-rails (3.2.1)
      actionpack (>= 4.0)
      activesupport (>= 4.0)
      sprockets (>= 3.0.0)
    thor (0.19.4)
    thread_safe (0.3.6)
    tilt (2.0.8)
    timezone (1.2.9)
    turbolinks (5.1.0)
      turbolinks-source (~> 5.1)
    turbolinks-source (5.1.0)
    twilio-ruby (5.12.0)
      faraday (~> 0.9)
      jwt (>= 1.5, <= 2.5)
      nokogiri (>= 1.6, < 2.0)
    tzinfo (1.2.5)
      thread_safe (~> 0.1)
    uglifier (4.1.3)
      execjs (>= 0.3.0, < 3)
    validate_url (1.0.2)
      activemodel (>= 3.0.0)
      addressable
    watir (6.10.2)
      selenium-webdriver (~> 3.4, >= 3.4.1)
    web-console (2.3.0)
      activemodel (>= 4.0)
      binding_of_caller (>= 0.7.2)
      railties (>= 4.0)
      sprockets-rails (>= 2.0, < 4.0)
    websocket-driver (0.6.5)
      websocket-extensions (>= 0.1.0)
    websocket-extensions (0.1.3)

PLATFORMS
  ruby

DEPENDENCIES
  active_model_serializers (~> 0.10.0)
  area
  awesome_print
  bcrypt
  byebug
  coffee-rails (~> 4.1.0)
  dotenv-rails
  factory_bot_rails
  foreman
  haml-rails (~> 0.9)
  httparty
  jquery-rails
  jwt
  nokogiri
  pg (~> 0.20)
  pry-byebug
  puma
  rails (~> 5.0)
  rails_12factor
  rspec-rails (~> 3.5)
  sass-rails (~> 5.0)
  sdoc (~> 0.4.0)
  sendgrid-actionmailer!
  sendgrid-ruby
  simple_form
  spring
  timezone (~> 1.0)
  turbolinks
  twilio-ruby
  uglifier (>= 1.3.0)
  validate_url
  watir
  web-console (~> 2.0)

RUBY VERSION
   ruby 2.4.0p0

BUNDLED WITH
   1.16.3
